GEM
  remote: http://rubygems.org/
  specs:
    git (1.2.5)
    jeweler (1.6.0)
      bundler (~> 1.0.0)
      git (>= 1.2.5)
      rake
    macaddr (1.0.0)
    rake (0.8.7)
    rcov (0.9.9)
    test-unit (2.3.0)
    uuid (2.3.2)
      macaddr (~> 1.0)

PLATFORMS
  ruby

DEPENDENCIES
  bundler (~> 1.0.0)
  jeweler (~> 1.6.0)
  rake (~> 0.8.0)
  rcov
  test-unit (= 2.3.0)
  uuid (~> 2.3.2)
